GIT
  remote: git://github.com/wagenet/qunit-cli-runner.git
  revision: 67e773091aed52773eb78ce1b557f642147fe9d9
  branch: master
  specs:
    qunit-cli-runner (0.0.1)
      colored

GEM
  remote: https://rubygems.org/
  specs:
    colored (1.2)
    execjs (2.0.0)
    jshintrb (0.2.4)
      execjs
      multi_json (>= 1.3)
      rake
    multi_json (1.7.9)
    rake (10.0.2)

PLATFORMS
  ruby

DEPENDENCIES
  jshintrb
  qunit-cli-runner!
  rake
